GEM
  remote: https://rubygems.org/
  specs:
    polyglot (0.3.5)
    treetop (1.4.15)
      polyglot
      polyglot (>= 0.3.1)

PLATFORMS
  ruby

DEPENDENCIES
  treetop
